GEM
  remote: http://rubygems.org/
  specs:
    bluecloth (2.0.9)
    diff-lcs (1.1.2)
    haml (3.0.22)
    rack (1.2.1)
    rack-test (0.5.6)
      rack (>= 1.0)
    rspec (2.0.1)
      rspec-core (~> 2.0.1)
      rspec-expectations (~> 2.0.1)
      rspec-mocks (~> 2.0.1)
    rspec-core (2.0.1)
    rspec-expectations (2.0.1)
      diff-lcs (>= 1.1.2)
    rspec-mocks (2.0.1)
      rspec-core (~> 2.0.1)
      rspec-expectations (~> 2.0.1)
    sinatra (1.1.0)
      rack (~> 1.1)
      tilt (~> 1.1)
    thor (0.14.3)
    tilt (1.1)
    yard (0.6.1)
    yard-sinatra (0.5.1)
      yard (~> 0.6.0)

PLATFORMS
  ruby

DEPENDENCIES
  bluecloth (~> 2.0.9)
  haml (~> 3.0.22)
  rack (~> 1.2.1)
  rack-test (~> 0.5.6)
  rspec (~> 2.0.1)
  sinatra (~> 1.1.0)
  thor (~> 0.14.3)
  yard (~> 0.6.1)
  yard-sinatra (~> 0.5.1)
