GEM
  remote: http://rubygems.org/
  specs:
    bluecloth (2.0.7)
    haml (3.0.18)
    rack (1.2.1)
    rack-test (0.5.4)
      rack (>= 1.0)
    rspec (1.3.0)
    sinatra (1.0)
      rack (>= 1.0)
    yard (0.5.8)
    yard-sinatra (0.5.0)
      yard (~> 0.5.3)

PLATFORMS
  ruby

DEPENDENCIES
  bluecloth (= 2.0.7)
  haml (= 3.0.18)
  rack (= 1.2.1)
  rack-test (= 0.5.4)
  rspec (= 1.3.0)
  sinatra (= 1.0)
  yard (= 0.5.8)
  yard-sinatra (= 0.5.0)
