PATH
  remote: .
  specs:
    mango (0.5.4)
      bluecloth (~> 2.1.0)
      bundler (~> 1.0.7)
      haml (~> 3.0.25)
      rack (~> 1.2.2)
      sinatra (~> 1.2.6)
      thor (~> 0.14.6)

GEM
  remote: http://rubygems.org/
  specs:
    bluecloth (2.1.0)
    diff-lcs (1.1.2)
    haml (3.0.25)
    rack (1.2.2)
    rack-test (0.5.7)
      rack (>= 1.0)
    rspec (2.5.0)
      rspec-core (~> 2.5.0)
      rspec-expectations (~> 2.5.0)
      rspec-mocks (~> 2.5.0)
    rspec-core (2.5.2)
    rspec-expectations (2.5.0)
      diff-lcs (~> 1.1.2)
    rspec-mocks (2.5.0)
    sinatra (1.2.6)
      rack (~> 1.1)
      tilt (>= 1.2.2, < 2.0)
    thor (0.14.6)
    tilt (1.3)
    yard (0.6.8)
    yard-sinatra (0.5.1)
      yard (~> 0.6.0)

PLATFORMS
  ruby

DEPENDENCIES
  bluecloth (~> 2.1.0)
  bundler (~> 1.0.7)
  haml (~> 3.0.25)
  mango!
  rack (~> 1.2.2)
  rack-test (~> 0.5.7)
  rspec (~> 2.5.0)
  sinatra (~> 1.2.6)
  thor (~> 0.14.6)
  yard (~> 0.6.8)
  yard-sinatra (~> 0.5.1)
